PATH
  remote: .
  specs:
    tolesh_palindrome (0.1.0)

GEM
  remote: https://rubygems.org/
  specs:
    ansi (1.5.0)
    builder (3.2.4)
    minitest (5.14.2)
    minitest-reporters (1.2.0)
      ansi
      builder
      minitest (>= 5.0)
      ruby-progressbar
    rake (10.5.0)
    ruby-progressbar (1.10.1)

PLATFORMS
  ruby
  x64-mingw32

DEPENDENCIES
  bundler (~> 2.1.4)
  minitest (~> 5.0)
  minitest-reporters (= 1.2.0)
  rake (~> 10.0)
  tolesh_palindrome!

BUNDLED WITH
   2.1.4
